GEM
  remote: https://rubygems.org/
  specs:
    andand (1.3.3)
    json (2.0.2)
    mini_portile2 (2.1.0)
    nokogiri (1.6.8.1)
      mini_portile2 (~> 2.1.0)
    os (0.9.6)
    rake (11.3.0)
    sqlite3 (1.3.12)

PLATFORMS
  ruby

DEPENDENCIES
  andand
  json
  nokogiri
  os
  rake (>= 0.8.3)
  sqlite3

BUNDLED WITH
   1.11.2
